GEM
  remote: https://rubygems.org/
  specs:
    dotenv (2.7.5)
    json (2.2.0)
    mustermann (1.0.3)
    rack (2.0.7)
    rack-protection (2.0.7)
      rack
    sinatra (2.0.7)
      mustermann (~> 1.0)
      rack (~> 2.0)
      rack-protection (= 2.0.7)
      tilt (~> 2.0)
    stripe (5.7.1)
    tilt (2.0.10)

PLATFORMS
  ruby

DEPENDENCIES
  dotenv
  json
  sinatra
  stripe

BUNDLED WITH
   2.0.2
